GIT
  remote: https://github.com/81designs/guard-handlebars.git
  revision: 2b63d6d6f06e2ee93ca240e06bcc56d0c0263523
  specs:
    guard-handlebars (0.2.4)
      guard (>= 0.4)

GIT
  remote: https://github.com/lautis/uglifier.git
  revision: ad7ea8ce8cfbc437557724365041b6743724f7de
  specs:
    uglifier (1.3.0)
      execjs (>= 0.3.0)
      multi_json (~> 1.0, >= 1.0.2)

GEM
  remote: https://rubygems.org/
  specs:
    POpen4 (0.1.4)
      Platform (>= 0.4.0)
      open4
    Platform (0.4.0)
    addressable (2.3.2)
    chunky_png (1.2.7)
    closure-compiler (1.1.8)
    coderay (1.0.8)
    coffee-script (2.2.0)
      coffee-script-source
      execjs
    coffee-script-source (1.4.0)
    compass (0.12.2)
      chunky_png (~> 1.2)
      fssm (>= 0.2.7)
      sass (~> 3.1)
    compass-normalize (1.4.2)
      compass (>= 0.12.0)
    execjs (1.4.0)
      multi_json (~> 1.0)
    ffi (1.3.1)
    fssm (0.2.9)
    guard (1.6.1)
      listen (>= 0.6.0)
      lumberjack (>= 1.0.2)
      pry (>= 0.9.10)
      thor (>= 0.14.6)
    guard-compass (0.0.6)
      compass (>= 0.10.5)
      guard (>= 0.2.1)
    guard-jammit (1.0.1)
      guard (>= 1.1.0)
      jammit
    guard-jasmine-headless-webkit (0.3.2)
      guard (>= 0.4.0)
      jasmine-headless-webkit (>= 0.7.0)
    guard-jshint-node (0.0.7)
      guard (>= 0.10.0)
    guard-mirror (0.2.5)
      closure-compiler
      coffee-script
      guard
      jade
      json
      sprockets
      stylus
      yui-compressor
    guard-webrick (0.1.4)
      ffi
      guard (~> 1.0)
      launchy (~> 2.1.0)
      spoon (~> 0.0.1)
    hike (1.2.1)
    jade (0.1.1)
      execjs
      sprockets
      tilt
    jammit (0.6.5)
      yui-compressor (>= 0.9.3)
    jasmine-core (1.3.1)
    jasmine-headless-webkit (0.8.4)
      coffee-script
      jasmine-core (~> 1.1)
      multi_json
      rainbow
      sprockets (~> 2)
    json (1.7.6)
    launchy (2.1.2)
      addressable (~> 2.3)
    listen (0.7.2)
    lumberjack (1.0.2)
    method_source (0.8.1)
    multi_json (1.5.0)
    open4 (1.3.0)
    pry (0.9.11.4)
      coderay (~> 1.0.5)
      method_source (~> 0.8)
      slop (~> 3.4)
    rack (1.4.4)
    rainbow (1.1.4)
    rb-fsevent (0.9.3)
    sass (3.2.5)
    slop (3.4.3)
    spoon (0.0.1)
    sprockets (2.8.2)
      hike (~> 1.2)
      multi_json (~> 1.0)
      rack (~> 1.0)
      tilt (~> 1.1, != 1.3.0)
    stylus (0.6.2)
      execjs
      stylus-source
    stylus-source (0.31.0)
    terminal-notifier-guard (1.5.3)
    thor (0.16.0)
    tilt (1.3.3)
    yui-compressor (0.9.6)
      POpen4 (>= 0.1.4)

PLATFORMS
  ruby

DEPENDENCIES
  compass-normalize
  guard
  guard-compass
  guard-handlebars!
  guard-jammit
  guard-jasmine-headless-webkit
  guard-jshint-node
  guard-mirror
  guard-webrick
  rb-fsevent
  terminal-notifier-guard
  uglifier!
